GEM
  remote: https://rubygems.org/
  specs:
    gosu (0.15.2)

PLATFORMS
  ruby

DEPENDENCIES
  gosu

RUBY VERSION
   ruby 2.6.3p62

BUNDLED WITH
   2.1.4
